GEM
  remote: https://rubygems.org/
  specs:
    actionmailer (3.2.13)
      actionpack (= 3.2.13)
      mail (~> 2.5.3)
    actionpack (3.2.13)
      activemodel (= 3.2.13)
      activesupport (= 3.2.13)
      builder (~> 3.0.0)
      erubis (~> 2.7.0)
      journey (~> 1.0.4)
      rack (~> 1.4.5)
      rack-cache (~> 1.2)
      rack-test (~> 0.6.1)
      sprockets (~> 2.2.1)
    activemodel (3.2.13)
      activesupport (= 3.2.13)
      builder (~> 3.0.0)
    activerecord (3.2.13)
      activemodel (= 3.2.13)
      activesupport (= 3.2.13)
      arel (~> 3.0.2)
      tzinfo (~> 0.3.29)
    activeresource (3.2.13)
      activemodel (= 3.2.13)
      activesupport (= 3.2.13)
    activesupport (3.2.13)
      i18n (= 0.6.1)
      multi_json (~> 1.0)
    addressable (2.3.6)
    arel (3.0.3)
    bcrypt (3.1.7-x86-mingw32)
    builder (3.0.4)
    cancan (1.6.10)
    childprocess (0.5.3)
      ffi (~> 1.0, >= 1.0.11)
    coffee-rails (3.2.2)
      coffee-script (>= 2.2.0)
      railties (~> 3.2.0)
    coffee-script (2.3.0)
      coffee-script-source
      execjs
    coffee-script-source (1.8.0)
    devise (3.3.0)
      bcrypt (~> 3.0)
      orm_adapter (~> 0.1)
      railties (>= 3.2.6, < 5)
      thread_safe (~> 0.1)
      warden (~> 1.2.3)
    erubis (2.7.0)
    excon (0.33.0)
    execjs (2.2.1)
    ffi (1.9.3-x86-mingw32)
    heroku (3.7.3)
      heroku-api (~> 0.3.17)
      launchy (>= 0.3.2)
      netrc (~> 0.7.7)
      rest-client (~> 1.6.1)
      rqrcode (~> 0.4.2)
      rubyzip
      term-ansicolor (~> 1.3.0)
    heroku-api (0.3.18)
      excon (~> 0.27)
      multi_json (~> 1.8)
    hike (1.2.3)
    i18n (0.6.1)
    journey (1.0.4)
    jquery-rails (3.1.2)
      railties (>= 3.0, < 5.0)
      thor (>= 0.14, < 2.0)
    json (1.8.1)
    launchy (2.4.2)
      addressable (~> 2.3)
    mail (2.5.4)
      mime-types (~> 1.16)
      treetop (~> 1.4.8)
    mime-types (1.25.1)
    multi_json (1.10.1)
    netrc (0.7.7)
    orm_adapter (0.5.0)
    pg (0.17.1-x86-mingw32)
    polyglot (0.3.5)
    rack (1.4.5)
    rack-cache (1.2)
      rack (>= 0.4)
    rack-ssl (1.3.4)
      rack
    rack-test (0.6.2)
      rack (>= 1.0)
    rails (3.2.13)
      actionmailer (= 3.2.13)
      actionpack (= 3.2.13)
      activerecord (= 3.2.13)
      activeresource (= 3.2.13)
      activesupport (= 3.2.13)
      bundler (~> 1.0)
      railties (= 3.2.13)
    railties (3.2.13)
      actionpack (= 3.2.13)
      activesupport (= 3.2.13)
      rack-ssl (~> 1.3.2)
      rake (>= 0.8.7)
      rdoc (~> 3.4)
      thor (>= 0.14.6, < 2.0)
    rake (10.3.2)
    rdoc (3.12.2)
      json (~> 1.4)
    rest-client (1.6.7)
      mime-types (>= 1.16)
    rqrcode (0.4.2)
    rubyzip (1.1.3)
    sass (3.4.4)
    sass-rails (3.2.6)
      railties (~> 3.2.0)
      sass (>= 3.1.10)
      tilt (~> 1.3)
    selenium-webdriver (2.42.0)
      childprocess (>= 0.5.0)
      multi_json (~> 1.0)
      rubyzip (~> 1.0)
      websocket (~> 1.0.4)
    sprockets (2.2.2)
      hike (~> 1.2)
      multi_json (~> 1.0)
      rack (~> 1.0)
      tilt (~> 1.1, != 1.3.0)
    term-ansicolor (1.3.0)
      tins (~> 1.0)
    thor (0.19.1)
    thread_safe (0.3.4)
    tilt (1.4.1)
    tins (1.3.0)
    treetop (1.4.15)
      polyglot
      polyglot (>= 0.3.1)
    tzinfo (0.3.41)
    uglifier (2.5.3)
      execjs (>= 0.3.0)
      json (>= 1.8.0)
    warden (1.2.3)
      rack (>= 1.0)
    websocket (1.0.7)

PLATFORMS
  x86-mingw32

DEPENDENCIES
  cancan
  coffee-rails (~> 3.2.1)
  devise
  heroku
  heroku-api
  jquery-rails
  pg
  rails (= 3.2.13)
  rake
  sass-rails (~> 3.2.3)
  selenium-webdriver
  uglifier (>= 1.0.3)
